GIT
  remote: https://github.com/joscarsson/jekyll-import.git
  revision: 0b33fa4e59bd47c5a0ccf9f1f0262ff09054fa60
  branch: blogger-comments
  specs:
    jekyll-import (0.10.0)
      fastercsv
      jekyll (>= 1.4)
      nokogiri

GEM
  remote: https://rubygems.org/
  specs:
    colorator (0.1)
    fastercsv (1.5.5)
    ffi (1.9.10)
    jekyll (3.1.5)
      colorator (~> 0.1)
      jekyll-sass-converter (~> 1.0)
      jekyll-watch (~> 1.1)
      kramdown (~> 1.3)
      liquid (~> 3.0)
      mercenary (~> 0.3.3)
      rouge (~> 1.7)
      safe_yaml (~> 1.0)
    jekyll-sass-converter (1.3.0)
      sass (~> 3.2)
    jekyll-watch (1.4.0)
      listen (~> 3.0, < 3.1)
    kramdown (1.10.0)
    liquid (3.0.6)
    listen (3.0.6)
      rb-fsevent (>= 0.9.3)
      rb-inotify (>= 0.9.7)
    mercenary (0.3.6)
    mini_portile2 (2.0.0)
    nokogiri (1.6.7.2)
      mini_portile2 (~> 2.0.0.rc2)
    rb-fsevent (0.9.7)
    rb-inotify (0.9.7)
      ffi (>= 0.5.0)
    rouge (1.10.1)
    safe_yaml (1.0.4)
    sass (3.4.22)

PLATFORMS
  ruby

DEPENDENCIES
  jekyll
  jekyll-import!

BUNDLED WITH
   1.12.4
